GEM
  remote: https://rubygems.org/
  specs:
    rack-timeout (0.4.2)

PLATFORMS
  ruby

DEPENDENCIES
  bundler (>= 1.10.6)
  rack-timeout (= 0.4.2)

BUNDLED WITH
   1.11.2
